GEM
  remote: https://rubygems.org/
  specs:
    benchmark-ips (2.3.0)
    rake (10.5.0)

PLATFORMS
  java
  ruby

DEPENDENCIES
  benchmark-ips (= 2.3.0)
  rake

BUNDLED WITH
   1.11.2
